GEM
  remote: http://rubygems.org/
  specs:
    addressable (2.2.5)
    configuration (1.2.0)
    data_objects (0.10.5)
      addressable (~> 2.1)
    dm-aggregates (1.0.2)
      dm-core (~> 1.0.2)
    dm-core (1.0.2)
      addressable (~> 2.2)
      extlib (~> 0.9.15)
    dm-do-adapter (1.0.2)
      data_objects (~> 0.10.2)
      dm-core (~> 1.0.2)
    dm-migrations (1.0.2)
      dm-core (~> 1.0.2)
    dm-mysql-adapter (1.0.2)
      dm-do-adapter (~> 1.0.2)
      do_mysql (~> 0.10.2)
    dm-transactions (1.0.2)
      dm-core (~> 1.0.2)
    do_mysql (0.10.5)
      data_objects (= 0.10.5)
    escape_utils (0.2.3)
    extlib (0.9.15)
    firefly (1.5.3)
      dm-aggregates (~> 1.0.2)
      dm-core (~> 1.0.2)
      dm-migrations (~> 1.0.2)
      dm-mysql-adapter (~> 1.0.2)
      dm-transactions (~> 1.0.2)
      escape_utils (~> 0.2.3)
      haml (~> 3.0.18)
      sinatra (~> 1.2.6)
    haml (3.0.25)
    heroku (1.15.0)
      json_pure (>= 1.2.0, < 1.5.0)
      launchy (~> 0.3.2)
      rest-client (>= 1.4.0, < 1.7.0)
    json_pure (1.4.6)
    launchy (0.3.7)
      configuration (>= 0.0.5)
      rake (>= 0.8.1)
    mime-types (1.16)
    rack (1.2.2)
    rake (0.8.7)
    rest-client (1.6.1)
      mime-types (>= 1.16)
    sinatra (1.2.6)
      rack (~> 1.1)
      tilt (>= 1.2.2, < 2.0)
    tilt (1.3)

PLATFORMS
  ruby

DEPENDENCIES
  do_mysql
  firefly
  heroku (= 1.15.0)
